GEM
  remote: https://rubygems.org/
  specs:
    minitest (5.9.0)
    rack (2.0.1)

PLATFORMS
  ruby

DEPENDENCIES
  minitest (~> 5.8, >= 5.8.4)
  rack (~> 2.0, >= 2.0.1)

BUNDLED WITH
   1.13.1
